PATH
  remote: .
  specs:
    ruby-nessus (2.0.beta)
      nokogiri (~> 1.4)
      rainbow (~> 2.0)

GEM
  remote: https://rubygems.org/
  specs:
    ast (2.3.0)
    diff-lcs (1.3)
    mini_portile2 (2.3.0)
    nokogiri (1.8.1)
      mini_portile2 (~> 2.3.0)
    parallel (1.12.0)
    parser (2.4.0.2)
      ast (~> 2.3)
    powerpack (0.1.1)
    rainbow (2.2.2)
      rake
    rake (12.3.0)
    rspec (3.7.0)
      rspec-core (~> 3.7.0)
      rspec-expectations (~> 3.7.0)
      rspec-mocks (~> 3.7.0)
    rspec-core (3.7.0)
      rspec-support (~> 3.7.0)
    rspec-expectations (3.7.0)
      diff-lcs (>= 1.2.0, < 2.0)
      rspec-support (~> 3.7.0)
    rspec-mocks (3.7.0)
      diff-lcs (>= 1.2.0, < 2.0)
      rspec-support (~> 3.7.0)
    rspec-support (3.7.0)
    rubocop (0.51.0)
      parallel (~> 1.10)
      parser (>= 2.3.3.1, < 3.0)
      powerpack (~> 0.1)
      rainbow (>= 2.2.2, < 3.0)
      ruby-progressbar (~> 1.7)
      unicode-display_width (~> 1.0, >= 1.0.1)
    ruby-progressbar (1.9.0)
    rubygems-tasks (0.2.4)
    unicode-display_width (1.3.0)
    yard (0.9.12)

PLATFORMS
  ruby

DEPENDENCIES
  rspec (~> 3.7)
  rubocop (~> 0.51)
  ruby-nessus!
  rubygems-tasks (~> 0.1)
  yard (~> 0.7)

BUNDLED WITH
   1.16.0
